!INTERFILE  :=
!imaging modality := PET
name of data file := attenuation.v
!GENERAL DATA :=
!GENERAL IMAGE DATA :=
!type of data := PET
patient orientation := head_in
patient rotation := supine
imagedata byte order := LITTLEENDIAN
!PET STUDY (General) :=
!PET data type := Image
process status := Reconstructed
!number format := float
!number of bytes per pixel := 4
number of dimensions := 3
matrix axis label [1] := x
!matrix size [1] := 211
scaling factor (mm/pixel) [1] := 1
matrix axis label [2] := y
!matrix size [2] := 211
scaling factor (mm/pixel) [2] := 1
matrix axis label [3] := z
!matrix size [3] := 15
scaling factor (mm/pixel) [3] := 6.75
first pixel offset (mm) [1] := -105
first pixel offset (mm) [2] := -105
first pixel offset (mm) [3] := 0
number of time frames := 1
!END OF INTERFILE :=
