!INTERFILE  :=
!imaging modality := PET
name of data file := mu_map.v
!GENERAL DATA :=
!GENERAL IMAGE DATA :=
!type of data := PET
imagedata byte order := LITTLEENDIAN
!PET STUDY (General) :=
patient orientation := head_in
patient rotation := supine
!PET data type := Image
process status := Reconstructed
!number format := float
!number of bytes per pixel := 4
number of dimensions := 3
matrix axis label [1] := x
!matrix size [1] := 57
scaling factor (mm/pixel) [1] := 13.0391
matrix axis label [2] := y
!matrix size [2] := 57
scaling factor (mm/pixel) [2] := 13.0391
matrix axis label [3] := z
!matrix size [3] := 127
scaling factor (mm/pixel) [3] := 2.03125
!END OF INTERFILE :=
